GEM
  remote: https://rubygems.org/
  specs:
    bigdecimal (3.1.8)
    charlock_holmes (0.7.9)
    connection_pool (2.4.1)
    daemonite (0.7.1)
    daemons (1.4.1)
    em-websocket (0.5.3)
      eventmachine (>= 0.12.9)
      http_parser.rb (~> 0)
    ethon (0.16.0)
      ffi (>= 1.15.0)
    eventmachine (1.2.7)
    faye-websocket (0.11.3)
      eventmachine (>= 0.12.0)
      websocket-driver (>= 0.5.1)
    ffi (1.17.0-aarch64-linux-gnu)
    ffi (1.17.0-aarch64-linux-musl)
    ffi (1.17.0-arm-linux-gnu)
    ffi (1.17.0-arm-linux-musl)
    ffi (1.17.0-arm64-darwin)
    ffi (1.17.0-x86-linux-gnu)
    ffi (1.17.0-x86-linux-musl)
    ffi (1.17.0-x86_64-darwin)
    ffi (1.17.0-x86_64-linux-gnu)
    ffi (1.17.0-x86_64-linux-musl)
    http_parser.rb (0.8.0)
    mime-types (3.5.2)
      mime-types-data (~> 3.2015)
    mime-types-data (3.2024.0903)
    minitest (5.25.1)
    nokogiri (1.16.7-aarch64-linux)
      racc (~> 1.4)
    nokogiri (1.16.7-arm-linux)
      racc (~> 1.4)
    nokogiri (1.16.7-arm64-darwin)
      racc (~> 1.4)
    nokogiri (1.16.7-x86-linux)
      racc (~> 1.4)
    nokogiri (1.16.7-x86_64-darwin)
      racc (~> 1.4)
    nokogiri (1.16.7-x86_64-linux)
      racc (~> 1.4)
    racc (1.8.1)
    rack (2.2.9)
    redis (5.3.0)
      redis-client (>= 0.22.0)
    redis-client (0.22.2)
      connection_pool
    riddl (1.0.4)
      charlock_holmes (~> 0, >= 0.7)
      daemonite (~> 0.7, >= 0.7.0)
      em-websocket (~> 0, >= 0.5.2)
      eventmachine (~> 1.0, >= 1.0.0)
      faye-websocket (~> 0, >= 0.1)
      mime-types (~> 3, >= 3.0)
      minitest (~> 5, >= 5.0.0)
      rack (~> 2.2)
      redis (~> 5.0)
      thin (~> 1.6)
      typhoeus (~> 1.3)
      xml-smart (~> 0, >= 0.4.3)
    state_machines (0.6.0)
    sync (0.5.0)
    term-ansicolor (1.11.2)
      tins (~> 1.0)
    thin (1.8.2)
      daemons (~> 1.0, >= 1.0.9)
      eventmachine (~> 1.0, >= 1.0.4)
      rack (>= 1, < 3)
    tins (1.33.0)
      bigdecimal
      sync
    typhoeus (1.4.1)
      ethon (>= 0.9.0)
    websocket-driver (0.7.6)
      websocket-extensions (>= 0.1.0)
    websocket-extensions (0.1.5)
    xml-smart (0.5.2)
      minitest (~> 5, >= 5.0.0)
      nokogiri (~> 1, >= 1.6.6)
      term-ansicolor (~> 1, >= 1.3)

PLATFORMS
  aarch64-linux
  aarch64-linux-gnu
  aarch64-linux-musl
  arm-linux
  arm-linux-gnu
  arm-linux-musl
  arm64-darwin
  x86-linux
  x86-linux-gnu
  x86-linux-musl
  x86_64-darwin
  x86_64-linux-gnu
  x86_64-linux-musl

DEPENDENCIES
  riddl (~> 1.0, >= 1.0.3)
  state_machines

BUNDLED WITH
   2.5.14
